{
    "TaskName": "Alphabetic Decision",
    "Manufacturer": "Brain Products",
    "ManufacturersModelName": "BrainAmp DC",
    "SoftwareVersions": "BrainVision Recorder Professional V. 1.25.0202",
    "PowerLineFrequency": 50.0,
    "SamplingFrequency": 1000.0,
    "SoftwareFilters": {},
    "HardwareFilters": {
        "Anti-Aliasing Filter (5th Order Butterworth)": {
            "low-pass (Hz)": 250.0,
            "Roll-off": "30 dB/Octave"
        },
        "High-Pass Filter (1st Order Butterworth)": {
            "high-pass (Hz)": 0.0159,
            "Roll-off": "6 dB/Octave"
        }
    },
    "CapManufacturer": "Easycap",
    "CapManufacturersModelName": "64Ch Standard Cap for actiCAP",
    "RecordingDuration": 2910.119,
    "RecordingType": "continuous",
    "EEGReference": "FCz",
    "EEGGround": "AFz",
    "EEGPlacementScheme": "based on the extended 10/20 system",
    "EEGChannelCount": 64,
    "EOGChannelCount": 2,
    "ECGChannelCount": 0,
    "EMGChannelCount": 0,
    "MiscChannelCount": 0,
    "TriggerChannelCount": 0,
    "TaskDescription": "Participants were presented with letters (in font Arial Light) and false-font equivalents (in font BACS2sans). The task was to press the space bar when they observed a false-font character.",
    "InstitutionName": "Goethe University Frankfurt",
    "InstitutionalDepartmentName": "Department for Psychology",
    "HeadCircumference": 56.5
}